FRAMEWORK: NET45
NUGET
  remote: http://api.nuget.org/v3/index.json
    Castle.Core (3.3.3)
    FiddlerCore (4.6.2)
    Google.Protobuf (3.0.0-beta4)
    Google.Protobuf.Tools (3.0.0-beta4)
    Moq (4.5.16)
      Castle.Core (>= 3.3.3)
    NUnit (3.4.1)
